PATH
  remote: .
  specs:
    ruby-ethereum (0.11.0)
      bitcoin-secp256k1 (~> 0.4)
      block_logger (>= 0.1.3)
      keccak (~> 1.2)
      ethash (~> 0.2)
      ffi (~> 1.9)
      leveldb (= 0.1.9)
      lru_redux (~> 1.1)
      rlp (= 0.7.3)

GEM
  remote: https://rubygems.org/
  specs:
    bitcoin-secp256k1 (0.4.0)
      ffi (>= 1.9.10)
    block_logger (0.1.3)
      logging (~> 2.0)
    keccak (1.2.2)
    ethash (0.2.0)
    ffi (1.9.10)
    fiddler-rb (0.1.2)
    leveldb (0.1.9)
      fiddler-rb (~> 0.1.1)
    little-plugger (1.1.4)
    logging (2.1.0)
      little-plugger (~> 1.1)
      multi_json (~> 1.10)
    lru_redux (1.1.0)
    minitest (5.8.3)
    multi_json (1.12.1)
    rake (10.5.0)
    rlp (0.7.3)
    serpent (0.3.0)
    yard (0.9.12)

PLATFORMS
  ruby

DEPENDENCIES
  minitest (= 5.8.3)
  rake (~> 10.5)
  ruby-ethereum!
  serpent (~> 0.3)
  yard (>= 0.9)

BUNDLED WITH
   1.16.1
